GEM
  remote: https://rubygems.org/
  specs:
    Ascii85 (1.0.3)
    afm (0.2.2)
    async (1.23.0)
      console (~> 1.0)
      nio4r (~> 2.3)
      timers (~> 4.1)
    console (1.6.0)
    hashery (2.1.2)
    nio4r (2.5.2)
    pdf-reader (2.4.0)
      Ascii85 (~> 1.0.0)
      afm (~> 0.2.1)
      hashery (~> 2.0)
      ruby-rc4
      ttfunk
    ruby-rc4 (0.1.5)
    sqlite3 (1.4.1)
    timers (4.3.0)
    ttfunk (1.5.1)

PLATFORMS
  ruby

DEPENDENCIES
  async
  pdf-reader
  sqlite3

RUBY VERSION
   ruby 2.6.3p62

BUNDLED WITH
   1.17.2
